PATH
  remote: .
  specs:
    interapp (6.1.0)
      ecdsa (~> 1.1.0)
      rails (>= 5.0.0, < 7.0)

GEM
  remote: https://rubygems.org/
  specs:
    actioncable (6.1.7.1)
      actionpack (= 6.1.7.1)
      activesupport (= 6.1.7.1)
      nio4r (~> 2.0)
      websocket-driver (>= 0.6.1)
    actionmailbox (6.1.7.1)
      actionpack (= 6.1.7.1)
      activejob (= 6.1.7.1)
      activerecord (= 6.1.7.1)
      activestorage (= 6.1.7.1)
      activesupport (= 6.1.7.1)
      mail (>= 2.7.1)
    actionmailer (6.1.7.1)
      actionpack (= 6.1.7.1)
      actionview (= 6.1.7.1)
      activejob (= 6.1.7.1)
      activesupport (= 6.1.7.1)
      mail (~> 2.5, >= 2.5.4)
      rails-dom-testing (~> 2.0)
    actionpack (6.1.7.1)
      actionview (= 6.1.7.1)
      activesupport (= 6.1.7.1)
      rack (~> 2.0, >= 2.0.9)
      rack-test (>= 0.6.3)
      rails-dom-testing (~> 2.0)
      rails-html-sanitizer (~> 1.0, >= 1.2.0)
    actiontext (6.1.7.1)
      actionpack (= 6.1.7.1)
      activerecord (= 6.1.7.1)
      activestorage (= 6.1.7.1)
      activesupport (= 6.1.7.1)
      nokogiri (>= 1.8.5)
    actionview (6.1.7.1)
      activesupport (= 6.1.7.1)
      builder (~> 3.1)
      erubi (~> 1.4)
      rails-dom-testing (~> 2.0)
      rails-html-sanitizer (~> 1.1, >= 1.2.0)
    activejob (6.1.7.1)
      activesupport (= 6.1.7.1)
      globalid (>= 0.3.6)
    activemodel (6.1.7.1)
      activesupport (= 6.1.7.1)
    activerecord (6.1.7.1)
      activemodel (= 6.1.7.1)
      activesupport (= 6.1.7.1)
    activestorage (6.1.7.1)
      actionpack (= 6.1.7.1)
      activejob (= 6.1.7.1)
      activerecord (= 6.1.7.1)
      activesupport (= 6.1.7.1)
      marcel (~> 1.0)
      mini_mime (>= 1.1.0)
    activesupport (6.1.7.1)
      concurrent-ruby (~> 1.0, >= 1.0.2)
      i18n (>= 1.6, < 2)
      minitest (>= 5.1)
      tzinfo (~> 2.0)
      zeitwerk (~> 2.3)
    addressable (2.7.0)
      public_suffix (>= 2.0.2, < 5.0)
    builder (3.2.3)
    concurrent-ruby (1.1.10)
    crack (0.4.5)
      rexml
    crass (1.0.4)
    diff-lcs (1.3)
    ecdsa (1.1.0)
    erubi (1.8.0)
    globalid (1.0.1)
      activesupport (>= 5.0)
    hashdiff (1.0.1)
    i18n (1.12.0)
      concurrent-ruby (~> 1.0)
    loofah (2.2.3)
      crass (~> 1.0.2)
      nokogiri (>= 1.5.9)
    mail (2.7.1)
      mini_mime (>= 0.1.1)
    marcel (1.0.2)
    method_source (0.9.2)
    mini_mime (1.1.0)
    mini_portile2 (2.4.0)
    minitest (5.17.0)
    nio4r (2.5.7)
    nokogiri (1.10.4)
      mini_portile2 (~> 2.4.0)
    public_suffix (4.0.6)
    rack (2.2.6.2)
    rack-test (1.1.0)
      rack (>= 1.0, < 3)
    rails (6.1.7.1)
      actioncable (= 6.1.7.1)
      actionmailbox (= 6.1.7.1)
      actionmailer (= 6.1.7.1)
      actionpack (= 6.1.7.1)
      actiontext (= 6.1.7.1)
      actionview (= 6.1.7.1)
      activejob (= 6.1.7.1)
      activemodel (= 6.1.7.1)
      activerecord (= 6.1.7.1)
      activestorage (= 6.1.7.1)
      activesupport (= 6.1.7.1)
      bundler (>= 1.15.0)
      railties (= 6.1.7.1)
      sprockets-rails (>= 2.0.0)
    rails-dom-testing (2.0.3)
      activesupport (>= 4.2.0)
      nokogiri (>= 1.6)
    rails-html-sanitizer (1.2.0)
      loofah (~> 2.2, >= 2.2.2)
    railties (6.1.7.1)
      actionpack (= 6.1.7.1)
      activesupport (= 6.1.7.1)
      method_source
      rake (>= 12.2)
      thor (~> 1.0)
    rake (12.3.3)
    rexml (3.2.5)
    rspec-core (3.8.2)
      rspec-support (~> 3.8.0)
    rspec-expectations (3.8.6)
      diff-lcs (>= 1.2.0, < 2.0)
      rspec-support (~> 3.8.0)
    rspec-mocks (3.8.2)
      diff-lcs (>= 1.2.0, < 2.0)
      rspec-support (~> 3.8.0)
    rspec-rails (3.8.3)
      actionpack (>= 3.0)
      activesupport (>= 3.0)
      railties (>= 3.0)
      rspec-core (~> 3.8.0)
      rspec-expectations (~> 3.8.0)
      rspec-mocks (~> 3.8.0)
      rspec-support (~> 3.8.0)
    rspec-support (3.8.2)
    sprockets (4.0.2)
      concurrent-ruby (~> 1.0)
      rack (> 1, < 3)
    sprockets-rails (3.4.2)
      actionpack (>= 5.2)
      activesupport (>= 5.2)
      sprockets (>= 3.0.0)
    sqlite3 (1.4.1)
    thor (1.2.1)
    tzinfo (2.0.5)
      concurrent-ruby (~> 1.0)
    webmock (3.13.0)
      addressable (>= 2.3.6)
      crack (>= 0.3.2)
      hashdiff (>= 0.4.0, < 2.0.0)
    websocket-driver (0.7.3)
      websocket-extensions (>= 0.1.0)
    websocket-extensions (0.1.5)
    zeitwerk (2.6.6)

PLATFORMS
  ruby

DEPENDENCIES
  interapp!
  rspec-rails
  sqlite3
  webmock

BUNDLED WITH
   2.2.17
